PATH
  remote: .
  specs:
    i18n-one_sky (2.0.10.uken.3)
      activesupport (>= 2.2.2)
      i18n (>= 0.5.0)
      i18n-active_record (>= 0.0.2)
      memoist
      one_sky (~> 2.0.0)

GEM
  remote: http://rubygems.org/
  specs:
    activesupport (6.0.3.2)
      concurrent-ruby (~> 1.0, >= 1.0.2)
      i18n (>= 0.7, < 2)
      minitest (~> 5.1)
      tzinfo (~> 1.1)
      zeitwerk (~> 2.2, >= 2.2.2)
    addressable (2.2.8)
    concurrent-ruby (1.1.7)
    diff-lcs (1.1.3)
    excon (0.9.6)
    i18n (1.8.5)
      concurrent-ruby (~> 1.0)
    i18n-active_record (0.0.2)
      i18n (>= 0.5.0)
    json (1.7.5)
    little-plugger (1.1.3)
    logging (1.6.2)
      little-plugger (>= 1.1.3)
    memoist (0.2.0)
    mime-types (1.19)
    minitest (5.14.2)
    one_sky (2.0.1)
      json (>= 1.4.0)
      rest-client (>= 1.4.0)
    rack (1.4.1)
    rack-protection (1.2.0)
      rack
    rest-client (1.6.7)
      mime-types (>= 1.16)
    rspec (2.2.0)
      rspec-core (~> 2.2)
      rspec-expectations (~> 2.2)
      rspec-mocks (~> 2.2)
    rspec-core (2.7.1)
    rspec-expectations (2.7.0)
      diff-lcs (~> 1.1.2)
    rspec-mocks (2.7.0)
    sinatra (1.3.2)
      rack (~> 1.3, >= 1.3.6)
      rack-protection (~> 1.2)
      tilt (~> 1.3, >= 1.3.3)
    stickler (2.2.4)
      addressable (~> 2.2.6)
      excon (~> 0.9.5)
      logging (~> 1.6.2)
      sinatra (~> 1.3.2)
      trollop (~> 1.16.2)
    thread_safe (0.3.6)
    tilt (1.3.3)
    trollop (1.16.2)
    tzinfo (1.2.7)
      thread_safe (~> 0.1)
    zeitwerk (2.4.0)

PLATFORMS
  ruby

DEPENDENCIES
  bundler (>= 1.0.0)
  i18n-one_sky!
  rspec (~> 2.2.0)
  stickler
