PATH
  remote: .
  specs:
    i18n-one_sky (2.0.10.uken.3)
      activesupport (>= 2.2.2)
      i18n (>= 0.5.0)
      i18n-active_record (>= 0.0.2)
      memoist
      one_sky (~> 2.0.0)

GEM
  remote: http://rubygems.org/
  specs:
    activesupport (3.2.8)
      i18n (~> 0.6)
      multi_json (~> 1.0)
    addressable (2.2.8)
    diff-lcs (1.1.3)
    domain_name (0.5.20190701)
      unf (>= 0.0.5, < 1.0.0)
    excon (0.9.6)
    http-accept (1.7.0)
    http-cookie (1.0.3)
      domain_name (~> 0.5)
    i18n (0.6.1)
    i18n-active_record (0.0.2)
      i18n (>= 0.5.0)
    json (1.7.5)
    little-plugger (1.1.3)
    logging (1.6.2)
      little-plugger (>= 1.1.3)
    memoist (0.2.0)
    mime-types (3.3.1)
      mime-types-data (~> 3.2015)
    mime-types-data (3.2020.0512)
    multi_json (1.3.6)
    netrc (0.11.0)
    one_sky (2.0.1)
      json (>= 1.4.0)
      rest-client (>= 1.4.0)
    rack (1.4.1)
    rack-protection (1.2.0)
      rack
    rest-client (2.1.0)
      http-accept (>= 1.7.0, < 2.0)
      http-cookie (>= 1.0.2, < 2.0)
      mime-types (>= 1.16, < 4.0)
      netrc (~> 0.8)
    rspec (2.2.0)
      rspec-core (~> 2.2)
      rspec-expectations (~> 2.2)
      rspec-mocks (~> 2.2)
    rspec-core (2.7.1)
    rspec-expectations (2.7.0)
      diff-lcs (~> 1.1.2)
    rspec-mocks (2.7.0)
    sinatra (1.3.2)
      rack (~> 1.3, >= 1.3.6)
      rack-protection (~> 1.2)
      tilt (~> 1.3, >= 1.3.3)
    stickler (2.2.4)
      addressable (~> 2.2.6)
      excon (~> 0.9.5)
      logging (~> 1.6.2)
      sinatra (~> 1.3.2)
      trollop (~> 1.16.2)
    tilt (1.3.3)
    trollop (1.16.2)
    unf (0.1.4)
      unf_ext
    unf_ext (0.0.7.7)

PLATFORMS
  ruby

DEPENDENCIES
  bundler (>= 1.0.0)
  i18n-one_sky!
  rspec (~> 2.2.0)
  stickler
